GIT
  remote: /Users/joe/projs/bfs_brute_force
  revision: 62db73208b071bbdfd8376948aacfcb2c08d2231
  branch: develop
  specs:
    bfs_brute_force (0.0.1)

GEM
  remote: https://rubygems.org/
  specs:

PLATFORMS
  ruby

DEPENDENCIES
  bfs_brute_force!
