GEM
  remote: https://rubygems.org/
  specs:
    bfs_brute_force (0.2.0)

PLATFORMS
  ruby

DEPENDENCIES
  bfs_brute_force
